PATH
  remote: .
  specs:
    libgss (0.8.0)
      httpclient
      json
      oauth
      tengine_support
      uuid

GEM
  remote: https://rubygems.org/
  specs:
    activemodel (3.2.14)
      activesupport (= 3.2.14)
      builder (~> 3.0.0)
    activesupport (3.2.14)
      i18n (~> 0.6, >= 0.6.4)
      multi_json (~> 1.0)
    builder (3.0.4)
    diff-lcs (1.2.3)
    factory_girl (4.2.0)
      activesupport (>= 3.0.0)
    fontana_client_support (0.8.0)
    httpclient (2.3.4.1)
    i18n (0.6.5)
    json (1.8.0)
    macaddr (1.6.1)
      systemu (~> 2.5.0)
    mongoid (3.1.5)
      activemodel (~> 3.2)
      moped (~> 1.4)
      origin (~> 1.0)
      tzinfo (~> 0.3.29)
    moped (1.5.1)
    multi_json (1.8.0)
    oauth (0.4.7)
    origin (1.1.0)
    rake (10.0.4)
    rspec (2.13.0)
      rspec-core (~> 2.13.0)
      rspec-expectations (~> 2.13.0)
      rspec-mocks (~> 2.13.0)
    rspec-core (2.13.1)
    rspec-expectations (2.13.0)
      diff-lcs (>= 1.1.3, < 2.0)
    rspec-mocks (2.13.1)
    systemu (2.5.2)
    tengine_support (1.2.2)
      activesupport (>= 3.0.0, < 4.0.0)
    tzinfo (0.3.37)
    uuid (2.3.7)
      macaddr (~> 1.0)

PLATFORMS
  ruby

DEPENDENCIES
  bundler (~> 1.3)
  factory_girl
  fontana_client_support
  libgss!
  mongoid
  rake
  rspec
